GEM
  remote: http://rubygems.org/
  specs:
    RedCloth (4.2.7)
    builder (3.0.0)
    kgio (2.4.2)
    pg (0.11.0)
    rack (1.3.0)
    sequel (3.24.1)
    sinatra (1.2.6)
      rack (~> 1.1)
      tilt (>= 1.2.2, < 2.0)
    sqlite3 (1.3.3)
    sqlite3-ruby (1.3.3)
      sqlite3 (>= 1.3.3)
    tilt (1.3.2)
    unicorn (3.7.0)
      kgio (~> 2.3)
      rack

PLATFORMS
  ruby

DEPENDENCIES
  RedCloth
  builder
  pg
  sequel
  sinatra
  sqlite3-ruby
  unicorn
